GEM
  remote: https://rubygems.org/
  specs:
    curb (0.8.5)
    diff-lcs (1.2.5)
    docopt (0.5.0)
    feedzirra (0.2.1)
      curb (~> 0.8.1)
      loofah (~> 1.2.1)
      nokogiri (~> 1.6.0)
      sax-machine (~> 0.2.1)
    iniparse (1.1.6)
    loofah (1.2.1)
      nokogiri (>= 1.4.4)
    mini_portile (0.5.2)
    nokogiri (1.6.0)
      mini_portile (~> 0.5.0)
    opml-reader (0.0.1)
    rack (1.5.2)
    robocop (0.1.1)
      rack
    rspec (2.14.1)
      rspec-core (~> 2.14.0)
      rspec-expectations (~> 2.14.0)
      rspec-mocks (~> 2.14.0)
    rspec-core (2.14.7)
    rspec-expectations (2.14.4)
      diff-lcs (>= 1.1.3, < 2.0)
    rspec-mocks (2.14.4)
    sax-machine (0.2.1)
      nokogiri (~> 1.6.0)
    sequel (4.4.0)
    sqlite3 (1.3.8)
    yell (2.0.0)

PLATFORMS
  ruby

DEPENDENCIES
  docopt
  feedzirra
  iniparse
  opml-reader
  robocop
  rspec
  sequel
  sqlite3
  yell
